GIT
  remote: git@github.com:HomeBusProjects/ruby-homebus-application
  revision: 34e9e67c246a3a26b1f87a634daf21bb5aee67d1
  specs:
    homebus_app (0.2.1)
      dotenv
      mqtt

GIT
  remote: https://github.com/HomeBusProjects/ruby-homebus
  revision: 64d64f26adf2e82d4c8cb7219bdd534f2275f817
  specs:
    homebus (0.3.1)

GEM
  remote: https://rubygems.org/
  specs:
    dotenv (2.7.5)
    mqtt (0.5.0)

PLATFORMS
  ruby

DEPENDENCIES
  dotenv
  homebus!
  homebus_app!
  mqtt

BUNDLED WITH
   2.1.2
